GEM
  remote: https://rubygems.org/
  specs:
    jwt (2.1.0)
    mustermann (1.0.1)
    ptools (1.3.5)
    rack (2.0.4)
    rack-protection (2.0.0)
      rack
    sinatra (2.0.0)
      mustermann (~> 1.0)
      rack (~> 2.0)
      rack-protection (= 2.0.0)
      tilt (~> 2.0)
    tilt (2.0.8)

PLATFORMS
  ruby

DEPENDENCIES
  jwt
  ptools
  sinatra

BUNDLED WITH
   1.16.2
